GEM
  remote: https://rubygems.org/
  specs:
    amq-protocol (2.3.0)
    bunny (2.12.0)
      amq-protocol (~> 2.3, >= 2.3.0)
    thread (0.2.2)

PLATFORMS
  ruby

DEPENDENCIES
  bunny
  thread

BUNDLED WITH
   1.16.2
